{
    "AcquisitionDateTime": "2019-03-16T15:13:8.602500",
    "AcquisitionMatrixPE": 104,
    "AcquisitionNumber": 1,
    "AcquisitionTime": "15:13:8.602500",
    "BandwidthPerPixelPhaseEncode": 16.578,
    "BaseResolution": 104,
    "BodyPartExamined": "BRAIN",
    "ConsistencyInfo": "N4_VE11C_LATEST_20160120",
    "ConversionSoftware": "dcm2niix",
    "ConversionSoftwareVersion": "v1.0.20180918  (JP2:OpenJPEG) GCC4.8.4",
    "DeidentificationMethod": "Penn_BSC_profile_v3.0",
    "DerivedVendorReportedEchoSpacing": 0.000580009,
    "DeviceSerialNumber": "66044",
    "EchoTime": 0.066,
    "EchoTrainLength": 104,
    "EffectiveEchoSpacing": 0.000580009,
    "FlipAngle": 90,
    "ImageComments": "KAS25@brainardlab:LFContrast",
    "ImageOrientationPatientDICOM": [
        0.999769,
        -0.0139022,
        0.0163961,
        0.0197202,
        0.896741,
        -0.442116
    ],
    "ImageType": [
        "ORIGINAL",
        "PRIMARY",
        "M",
        "ND",
        "MOSAIC"
    ],
    "InPlanePhaseEncodingDirectionDICOM": "COL",
    "InstitutionAddress": "Curie_Blvd._422_Philadelphia_PA_US_19104",
    "InstitutionName": "SC3T",
    "MRAcquisitionType": "2D",
    "MagneticFieldStrength": 3,
    "Manufacturer": "Siemens",
    "ManufacturersModelName": "Prisma",
    "Modality": "MR",
    "PartialFourier": 1,
    "PatientPosition": "HFS",
    "PatientSex": "F",
    "PercentPhaseFOV": 100,
    "PhaseEncodingDirection": "j",
    "PhaseEncodingSteps": 104,
    "PhaseResolution": 1,
    "PixelBandwidth": 2290,
    "ProcedureStepDescription": "KAS25_-45_set_replication",
    "ProtocolName": "SpinEchoFieldMap_PA",
    "PulseSequenceDetails": "%CustomerSeq%_cmrr_mbep2d_se",
    "ReceiveCoilActiveElements": "HC1-7",
    "ReceiveCoilName": "HeadNeck_64",
    "ReconMatrixPE": 104,
    "RepetitionTime": 0.8,
    "SAR": 0.133879,
    "ScanOptions": "FS",
    "ScanningSequence": "EP",
    "SequenceName": "epse2d1_104",
    "SequenceVariant": "SK",
    "SeriesDescription": "SpinEchoFieldMap_PA",
    "SeriesInstanceUID": "1.3.12.2.1107.5.2.43.66044.2019031615125681660392404.0.0.0",
    "SeriesNumber": 10,
    "ShimSetting": [
        3810,
        2810,
        503,
        433,
        5,
        -72,
        0,
        -15
    ],
    "SliceThickness": 2,
    "SliceTiming": [
        3.99,
        0,
        4.1,
        0.11,
        4.21,
        0.2225,
        4.3225,
        0.3325,
        4.4325,
        0.4425,
        4.5425,
        0.555,
        4.655,
        0.665,
        4.765,
        0.775,
        4.875,
        0.8875,
        4.9875,
        0.9975,
        5.0975,
        1.1075,
        5.2075,
        1.22,
        5.32,
        1.33,
        5.43,
        1.44,
        5.54,
        1.5525,
        5.6525,
        1.6625,
        5.7625,
        1.7725,
        5.8725,
        1.885,
        5.985,
        1.995,
        6.095,
        2.105,
        6.205,
        2.2175,
        6.3175,
        2.3275,
        6.4275,
        2.4375,
        6.5375,
        2.55,
        6.65,
        2.66,
        6.76,
        2.77,
        6.87,
        2.8825,
        6.9825,
        2.9925,
        7.0925,
        3.1025,
        7.2025,
        3.2125,
        7.315,
        3.325,
        7.425,
        3.435,
        7.535,
        3.545,
        7.6475,
        3.6575,
        7.7575,
        3.7675,
        7.8675,
        3.8775
    ],
    "SoftwareVersions": "syngo_MR_E11",
    "SpacingBetweenSlices": 2,
    "StationName": "AWP66044",
    "StudyID": "2",
    "StudyInstanceUID": "1.3.12.2.1107.5.2.43.66044.30000019031217553086400000106",
    "TotalReadoutTime": 0.0597409,
    "TxRefAmp": 236.407,
    "VendorReportedEchoSpacing": 0.00058,
    "WipMemBlock": "65ce6b56-e4a2-491c-be64-86226045911a||Sequence: R016 ve11c/master r/e634e98; Dec 19 2017 11:22:56 by eja"
}
