{
    "AcquisitionDateTime": "2018-10-20T13:35:5.860000",
    "AcquisitionMatrixPE": 104,
    "AcquisitionNumber": 1,
    "AcquisitionTime": "13:35:5.860000",
    "BandwidthPerPixelPhaseEncode": 16.578,
    "BaseResolution": 104,
    "BodyPartExamined": "BRAIN",
    "ConsistencyInfo": "N4_VE11C_LATEST_20160120",
    "ConversionSoftware": "dcm2niix",
    "ConversionSoftwareVersion": "v1.0.20180918  (JP2:OpenJPEG) GCC4.8.4",
    "DeidentificationMethod": "Penn_BSC_profile_v3.0",
    "DerivedVendorReportedEchoSpacing": 0.000580009,
    "DeviceSerialNumber": "66044",
    "DwellTime": 2.1e-06,
    "EchoTime": 0.066,
    "EchoTrainLength": 104,
    "EffectiveEchoSpacing": 0.000580009,
    "FlipAngle": 90,
    "ImageComments": "KAS25@mela:LFContrast",
    "ImageOrientationPatientDICOM": [
        0.999241,
        -0.0369427,
        0.0123894,
        0.0382123,
        0.866896,
        -0.497023
    ],
    "ImageType": [
        "ORIGINAL",
        "PRIMARY",
        "M",
        "ND",
        "MOSAIC"
    ],
    "InPlanePhaseEncodingDirectionDICOM": "COL",
    "InstitutionAddress": "Curie_Blvd._422_Philadelphia_PA_US_19104",
    "InstitutionName": "SC3T",
    "InstitutionalDepartmentName": "Department",
    "MRAcquisitionType": "2D",
    "MagneticFieldStrength": 3,
    "Manufacturer": "Siemens",
    "ManufacturersModelName": "Prisma",
    "Modality": "MR",
    "PartialFourier": 1,
    "PatientPosition": "HFS",
    "PatientSex": "F",
    "PercentPhaseFOV": 100,
    "PhaseEncodingDirection": "j-",
    "PhaseEncodingSteps": 104,
    "PhaseResolution": 1,
    "PixelBandwidth": 2290,
    "ProcedureStepDescription": "Research_Aguirre",
    "ProtocolName": "SpinEchoFieldMap_AP",
    "PulseSequenceDetails": "%CustomerSeq%_cmrr_mbep2d_se",
    "ReceiveCoilActiveElements": "HC1-7",
    "ReceiveCoilName": "HeadNeck_64",
    "ReconMatrixPE": 104,
    "RepetitionTime": 8,
    "SAR": 0.142351,
    "ScanOptions": "FS",
    "ScanningSequence": "EP",
    "SequenceName": "epse2d1_104",
    "SequenceVariant": "SK",
    "SeriesDescription": "SpinEchoFieldMap_AP",
    "SeriesInstanceUID": "1.3.12.2.1107.5.2.43.66044.201810201334516081489939.0.0.0",
    "SeriesNumber": 9,
    "ShimSetting": [
        3814,
        2812,
        455,
        436,
        -10,
        -305,
        -89,
        13
    ],
    "SliceThickness": 2,
    "SliceTiming": [
        3.99,
        0,
        4.1,
        0.11,
        4.2125,
        0.2225,
        4.3225,
        0.3325,
        4.4325,
        0.4425,
        4.545,
        0.555,
        4.655,
        0.665,
        4.765,
        0.775,
        4.8775,
        0.8875,
        4.9875,
        0.9975,
        5.0975,
        1.1075,
        5.21,
        1.22,
        5.32,
        1.33,
        5.43,
        1.44,
        5.5425,
        1.5525,
        5.6525,
        1.6625,
        5.7625,
        1.7725,
        5.875,
        1.885,
        5.985,
        1.995,
        6.095,
        2.105,
        6.2075,
        2.2175,
        6.3175,
        2.3275,
        6.4275,
        2.4375,
        6.54,
        2.55,
        6.65,
        2.66,
        6.76,
        2.77,
        6.8725,
        2.8825,
        6.9825,
        2.9925,
        7.0925,
        3.1025,
        7.205,
        3.215,
        7.315,
        3.325,
        7.425,
        3.435,
        7.5375,
        3.5475,
        7.6475,
        3.6575,
        7.7575,
        3.7675,
        7.87,
        3.88
    ],
    "SoftwareVersions": "syngo_MR_E11",
    "SpacingBetweenSlices": 2,
    "StationName": "AWP66044",
    "StudyID": "1",
    "StudyInstanceUID": "1.3.12.2.1107.5.2.43.66044.30000018101314052653700000148",
    "TotalReadoutTime": 0.0597409,
    "TxRefAmp": 242.171,
    "VendorReportedEchoSpacing": 0.00058,
    "WipMemBlock": "ab8a3be5-1eaf-4d78-bc75-5744e2d2d3f1||Sequence: R016 ve11c/master r/e634e98; Dec 19 2017 11:22:56 by eja"
}